PATH
  remote: .
  specs:
    rails_scan (0.1.0)
      parser (~> 3.0.0)
      ruby_parser (~> 3.13)
      unparser (~> 0.6.0)
      zeitwerk

GEM
  remote: https://rubygems.org/
  specs:
    activesupport (6.1.4)
      concurrent-ruby (~> 1.0, >= 1.0.2)
      i18n (>= 1.6, < 2)
      minitest (>= 5.1)
      tzinfo (~> 2.0)
      zeitwerk (~> 2.3)
    ast (2.4.2)
    byebug (11.1.3)
    concurrent-ruby (1.1.9)
    diff-lcs (1.4.4)
    i18n (1.8.10)
      concurrent-ruby (~> 1.0)
    minitest (5.14.4)
    parser (3.0.2.0)
      ast (~> 2.4.1)
    rake (12.3.3)
    ruby_parser (3.16.0)
      sexp_processor (~> 4.15, >= 4.15.1)
    sexp_processor (4.15.3)
    tzinfo (2.0.4)
      concurrent-ruby (~> 1.0)
    unparser (0.6.0)
      diff-lcs (~> 1.3)
      parser (>= 3.0.0)
    zeitwerk (2.4.2)

PLATFORMS
  ruby

DEPENDENCIES
  activesupport
  byebug
  minitest (~> 5.0)
  rails_scan!
  rake (~> 12.0)

BUNDLED WITH
   2.1.4
